PATH
  remote: ../rulers
  specs:
    rulers (0.1.0)
      puma
      rack
      rackup

GEM
  remote: https://rubygems.org/
  specs:
    nio4r (2.7.4)
    puma (6.6.0)
      nio4r (~> 2.0)
    rack (3.1.15)
    rackup (2.2.1)
      rack (>= 3)

PLATFORMS
  ruby
  x86_64-linux

DEPENDENCIES
  rulers!

BUNDLED WITH
   2.6.5
